GEM
  remote: https://rubygems.org/
  specs:
    coderay (1.1.1)
    cuba (3.8.0)
      rack (>= 1.6.0)
    httparty (0.14.0)
      multi_xml (>= 0.5.2)
    mail (2.6.4)
      mime-types (>= 1.16, < 4)
    method_source (0.8.2)
    mime-types (3.1)
      mime-types-data (~> 3.2015)
    mime-types-data (3.2016.0521)
    multi_xml (0.5.5)
    pry (0.10.4)
      coderay (~> 1.1.0)
      method_source (~> 0.8.1)
      slop (~> 3.4)
    rack (2.0.1)
    slop (3.6.0)
    tilt (2.0.5)

PLATFORMS
  ruby

DEPENDENCIES
  cuba
  httparty
  mail
  pry
  tilt

BUNDLED WITH
   1.12.5
